PATH
  remote: .
  specs:
    makandra_sidekiq (0.2.0)
      sidekiq (< 6)

GEM
  remote: https://rubygems.org/
  specs:
    connection_pool (2.2.2)
    diff-lcs (1.3)
    rack (2.0.8)
    rack-protection (2.0.7)
      rack
    rake (10.5.0)
    redis (4.1.3)
    rspec (3.5.0)
      rspec-core (~> 3.5.0)
      rspec-expectations (~> 3.5.0)
      rspec-mocks (~> 3.5.0)
    rspec-core (3.5.3)
      rspec-support (~> 3.5.0)
    rspec-expectations (3.5.0)
      diff-lcs (>= 1.2.0, < 2.0)
      rspec-support (~> 3.5.0)
    rspec-mocks (3.5.0)
      diff-lcs (>= 1.2.0, < 2.0)
      rspec-support (~> 3.5.0)
    rspec-support (3.5.0)
    sidekiq (5.2.7)
      connection_pool (~> 2.2, >= 2.2.2)
      rack (>= 1.5.0)
      rack-protection (>= 1.5.0)
      redis (>= 3.3.5, < 5)

PLATFORMS
  ruby

DEPENDENCIES
  bundler (~> 1.12)
  makandra_sidekiq!
  rake (~> 10.0)
  rspec (~> 3.0)

BUNDLED WITH
   1.17.2
